PATH
  remote: .
  specs:
    nokogiri-plist (0.5.0)
      htmlentities
      nokogiri

GEM
  remote: http://rubygems.org/
  specs:
    htmlentities (4.3.1)
    mocha (0.9.12)
    nokogiri (1.5.5)
    shoulda (2.11.3)

PLATFORMS
  ruby

DEPENDENCIES
  htmlentities
  mocha
  nokogiri-plist!
  shoulda
